GEM
  remote: https://rubygems.org/
  specs:
    minitest (5.2.1)

PLATFORMS
  ruby
  x64-mingw32

DEPENDENCIES
  minitest (~> 5.2)

BUNDLED WITH
   1.16.5
